PATH
  remote: .
  specs:
    google-amp-cache (0.1.0)
      httparty (>= 0.7.6)
      multi_json (~> 1.3)
      rack

GEM
  remote: https://rubygems.org/
  specs:
    ansi (1.5.0)
    builder (3.2.3)
    httparty (0.16.2)
      multi_xml (>= 0.5.2)
    minitest (5.11.3)
    minitest-reporters (1.2.0)
      ansi
      builder
      minitest (>= 5.0)
      ruby-progressbar
    multi_json (1.13.1)
    multi_xml (0.6.0)
    rack (2.0.5)
    rake (10.5.0)
    ruby-progressbar (1.9.0)

PLATFORMS
  ruby

DEPENDENCIES
  bundler (~> 1.16)
  google-amp-cache!
  minitest (~> 5.3)
  minitest-reporters (~> 1.2)
  rake (~> 10.0)

BUNDLED WITH
   1.16.1
